GEM
  remote: https://rubygems.org/
  specs:
    addressable (2.3.6)
    daemons (1.1.9)
    dotenv (0.10.0)
    erubis (2.7.0)
    eventmachine (1.0.3)
    faraday (0.9.0)
      multipart-post (>= 1.2, < 3)
    multipart-post (2.0.0)
    newrelic_rpm (3.7.3.204)
    octokit (3.0.0)
      sawyer (~> 0.5.3)
    rack (1.5.2)
    rack-protection (1.5.2)
      rack
    rake (10.2.2)
    redis (3.0.7)
    sawyer (0.5.4)
      addressable (~> 2.3.5)
      faraday (~> 0.8, < 0.10)
    sinatra (1.4.4)
      rack (~> 1.4)
      rack-protection (~> 1.4)
      tilt (~> 1.3, >= 1.3.4)
    sinatra-pubsub (0.0.7)
      redis (~> 3.0.4)
      sinatra (~> 1.4.3)
    thin (1.6.2)
      daemons (>= 1.0.9)
      eventmachine (>= 1.0.0)
      rack (>= 1.0.0)
    tilt (1.4.1)
    warden (1.2.3)
      rack (>= 1.0)
    warden-github (1.0.1)
      octokit (> 2.1.0)
      warden (> 1.0)

PLATFORMS
  ruby

DEPENDENCIES
  dotenv
  erubis
  eventmachine
  faraday
  newrelic_rpm
  rake
  sinatra
  sinatra-pubsub
  thin
  warden-github
